GEM
  remote: https://rubygems.org/
  specs:
    backports (3.11.1)
    coderay (1.1.1)
    dotenv (2.1.1)
    httparty (0.15.5)
      multi_xml (>= 0.5.2)
    jwt (2.0.0)
    method_source (0.8.2)
    multi_json (1.13.1)
    multi_xml (0.6.0)
    mustermann (1.0.2)
    pg (0.21.0)
    pry (0.10.4)
      coderay (~> 1.1.0)
      method_source (~> 0.8.1)
      slop (~> 3.4)
    rack (2.0.4)
    rack-protection (2.0.1)
      rack
    sequel (4.49.0)
    sinatra (2.0.1)
      mustermann (~> 1.0)
      rack (~> 2.0)
      rack-protection (= 2.0.1)
      tilt (~> 2.0)
    sinatra-contrib (2.0.1)
      backports (>= 2.0)
      multi_json
      mustermann (~> 1.0)
      rack-protection (= 2.0.1)
      sinatra (= 2.0.1)
      tilt (>= 1.3, < 3)
    sinatra-sequel (0.9.0)
      sequel (>= 3.2.0)
      sinatra (>= 0.9.4)
    slop (3.6.0)
    sqlite3 (1.3.13)
    tilt (2.0.8)

PLATFORMS
  ruby

DEPENDENCIES
  dotenv
  httparty
  jwt
  pg
  pry
  sinatra
  sinatra-contrib
  sinatra-sequel
  sqlite3

BUNDLED WITH
   1.16.1
